PATH
  remote: .
  specs:
    rack-request-faker (0.0.1)

GEM
  remote: http://rubygems.org/
  specs:
    diff-lcs (1.1.3)
    rack (1.2.5)
    rack-test (0.5.7)
      rack (>= 1.0)
    rake (0.9.2.2)
    rspec (2.11.0)
      rspec-core (~> 2.11.0)
      rspec-expectations (~> 2.11.0)
      rspec-mocks (~> 2.11.0)
    rspec-core (2.11.0)
    rspec-expectations (2.11.1)
      diff-lcs (~> 1.1.3)
    rspec-mocks (2.11.1)
    shoulda (2.11.3)

PLATFORMS
  ruby

DEPENDENCIES
  bundler (~> 1.0)
  rack (~> 1.2.0)
  rack-request-faker!
  rack-test (~> 0.5.4)
  rake
  rspec (~> 2.3)
  shoulda (~> 2.11.3)
